GEM
  remote: https://rubygems.org/
  specs:
    bson (4.15.0)
    byebug (11.1.3)
    httparty (0.20.0)
      mime-types (~> 3.0)
      multi_xml (>= 0.5.2)
    mime-types (3.4.1)
      mime-types-data (~> 3.2015)
    mime-types-data (3.2022.0105)
    mongo (2.18.2)
      bson (>= 4.14.1, < 5.0.0)
    multi_xml (0.6.0)
    ruby-openai (3.0.2)
      httparty (>= 0.18.1, < 0.21.0)

PLATFORMS
  x86_64-darwin-21

DEPENDENCIES
  byebug
  mongo (~> 2)
  ruby-openai

RUBY VERSION
   ruby 3.1.2p20

BUNDLED WITH
   2.3.7
